PATH
  remote: .
  specs:
    todolist_project (1.0.0)

GEM
  remote: https://rubygems.org/
  specs:
    ansi (1.5.0)
    builder (3.2.4)
    minitest (5.20.0)
    minitest-reporters (1.6.1)
      ansi
      builder
      minitest (>= 5.0)
      ruby-progressbar
    mutex_m (0.2.0)
    rake (13.1.0)
    ruby-progressbar (1.13.0)
    stamp (0.6.0)

PLATFORMS
  arm64-darwin-23
  ruby

DEPENDENCIES
  minitest (~> 5.20.0)
  minitest-reporters (~> 1.6.1)
  mutex_m
  rake
  stamp
  todolist_project!

RUBY VERSION
   ruby 3.2.0p0

BUNDLED WITH
   2.5.3
